GEM
  remote: https://rubygems.org/
  specs:
    httparty (0.21.0)
      multi_json (~> 1.0)
      multi_xml (>= 0.5.2)
    json (2.3.0)
    multi_json (1.12.1)
    multi_xml (0.5.5)
    rack (2.2.14)
    rack-protection (1.5.5)
      rack
    sinatra (4.1.0)
      rack (~> 2.2.14)
      rack-protection (~> 1.4)
      tilt (>= 1.3, < 3)
    tilt (2.0.5)

PLATFORMS
  ruby

DEPENDENCIES
  httparty
  json
  sinatra

BUNDLED WITH
   1.12.5
